GEM
  remote: https://rubygems.org/
  specs:
    aws-partitions (1.83.0)
    aws-sdk-core (3.20.2)
      aws-partitions (~> 1.0)
      aws-sigv4 (~> 1.0)
      jmespath (~> 1.0)
    aws-sdk-ec2 (1.31.0)
      aws-sdk-core (~> 3)
      aws-sigv4 (~> 1.0)
    aws-sigv4 (1.0.2)
    colorize (0.8.1)
    fileutils (1.0.2)
    jmespath (1.4.0)
    os (1.0.0)

PLATFORMS
  ruby

DEPENDENCIES
  aws-sdk-ec2
  colorize
  fileutils
  os

BUNDLED WITH
   1.16.1
